GEM
  remote: https://rubygems.org/
  specs:
    bson (4.10.0)
    mongo (2.13.0)
      bson (>= 4.8.2, < 5.0.0)
    mustermann (1.1.1)
      ruby2_keywords (~> 0.0.1)
    rack (2.2.3)
    rack-protection (2.1.0)
      rack
    ruby2_keywords (0.0.2)
    sinatra (2.1.0)
      mustermann (~> 1.0)
      rack (~> 2.2)
      rack-protection (= 2.1.0)
      tilt (~> 2.0)
    tilt (2.0.10)

PLATFORMS
  ruby

DEPENDENCIES
  mongo
  sinatra

BUNDLED WITH
   2.1.4
